PATH
  remote: .
  specs:
    jaspersoft (0.0.7)
      sawyer (~> 0.7.0)

GEM
  remote: https://rubygems.org/
  specs:
    addressable (2.4.0)
    diff-lcs (1.2.3)
    faraday (0.9.2)
      multipart-post (>= 1.2, < 3)
    multipart-post (2.0.0)
    rake (10.0.4)
    rspec (2.13.0)
      rspec-core (~> 2.13.0)
      rspec-expectations (~> 2.13.0)
      rspec-mocks (~> 2.13.0)
    rspec-core (2.13.1)
    rspec-expectations (2.13.0)
      diff-lcs (>= 1.1.3, < 2.0)
    rspec-mocks (2.13.1)
    sawyer (0.7.0)
      addressable (>= 2.3.5, < 2.5)
      faraday (~> 0.8, < 0.10)

PLATFORMS
  ruby

DEPENDENCIES
  bundler (~> 1.3)
  jaspersoft!
  rake
  rspec

BUNDLED WITH
   1.11.2
